GEM
  specs:
    rouge (3.25.0)

PLATFORMS
  ruby

DEPENDENCIES
  rouge

BUNDLED WITH
   2.1.4
