GEM
  remote: https://rubygems.org/
  specs:
    pastel (0.8.0)
      tty-color (~> 0.5)
    rainbow (3.0.0)
    tty-color (0.6.0)
    tty-font (0.5.0)

PLATFORMS
  ruby
  x86_64-linux

DEPENDENCIES
  pastel
  rainbow
  tty-font

BUNDLED WITH
   2.2.0
